GIT
  remote: git://github.com/nvreynolds/testrail-gemified.git
  revision: 3068e5286f96432f33ff1128b9c0ea834457f355
  specs:
    testrail (0.0.1)

GEM
  remote: https://rubygems.org/
  specs:
    activemodel (5.0.5)
      activesupport (= 5.0.5)
    activerecord (5.0.5)
      activemodel (= 5.0.5)
      activesupport (= 5.0.5)
      arel (~> 7.0)
    activesupport (5.0.5)
      concurrent-ruby (~> 1.0, >= 1.0.2)
      i18n (~> 0.7)
      minitest (~> 5.1)
      tzinfo (~> 1.1)
    arel (7.1.4)
    backports (3.8.0)
    byebug (9.0.6)
    coderay (1.1.1)
    concurrent-ruby (1.0.5)
    dotenv (2.0.1)
    dotenv-rails (2.0.1)
      dotenv (= 2.0.1)
    i18n (0.8.6)
    mail (2.6.6)
      mime-types (>= 1.16, < 4)
    method_source (0.8.2)
    mime-types (1.25.1)
    minitest (5.10.3)
    multi_json (1.12.1)
    pg (0.18.4)
    pry (0.10.4)
      coderay (~> 1.1.0)
      method_source (~> 0.8.1)
      slop (~> 3.4)
    pry-byebug (3.4.2)
      byebug (~> 9.0)
      pry (~> 0.10)
    rack (1.6.8)
    rack-protection (1.5.3)
      rack
    rack-test (0.7.0)
      rack (>= 1.0, < 3)
    rb-readline (0.5.5)
    rest-client (1.6.9)
      mime-types (~> 1.16)
    sinatra (1.4.8)
      rack (~> 1.5)
      rack-protection (~> 1.4)
      tilt (>= 1.3, < 3)
    sinatra-activerecord (2.0.13)
      activerecord (>= 3.2)
      sinatra (>= 1.0)
    sinatra-contrib (1.4.7)
      backports (>= 2.0)
      multi_json
      rack-protection
      rack-test
      sinatra (~> 1.4.0)
      tilt (>= 1.3, < 3)
    sinatra-cross_origin (0.4.0)
    slop (3.6.0)
    thread_safe (0.3.6)
    tilt (2.0.8)
    tzinfo (1.2.3)
      thread_safe (~> 0.1)

PLATFORMS
  ruby

DEPENDENCIES
  activerecord (~> 5.0.1)!
  dotenv-rails!
  mail (~> 2.6.4)!
  pg (~> 0.18.4)!
  pry (~> 0.10.4)!
  pry-byebug!
  rb-readline!
  rest-client (~> 1.6.9)!
  sinatra (~> 1.4.8)!
  sinatra-activerecord (~> 2.0.11)!
  sinatra-contrib!
  sinatra-cross_origin!
  testrail!

BUNDLED WITH
   1.14.6
